PATH
  remote: ~/slnky/slnky-cli
  specs:
    slnky (0.10.3)
      activesupport (~> 4.2.5.1)
      amqp (~> 1.5.1)
      clamp (~> 1.0.0)
      docopt (~> 0.5.0)
      dotenv (~> 2.1.0)
      eventmachine (~> 1.0.9.1)
      highline (~> 1.7.8)
      rest-client (~> 1.8.0)
      tilt (~> 2.0.2)

GEM
  remote: https://rubygems.org/
  specs:
    activesupport (4.2.5.2)
      i18n (~> 0.7)
      json (~> 1.7, >= 1.7.7)
      minitest (~> 5.1)
      thread_safe (~> 0.3, >= 0.3.4)
      tzinfo (~> 1.1)
    airbrussh (0.8.0)
      sshkit (>= 1.6.1, != 1.7.0)
    amq-protocol (1.9.2)
    amqp (1.5.3)
      amq-protocol (~> 1.9)
      eventmachine
    aws-sdk (2.2.26)
      aws-sdk-resources (= 2.2.26)
    aws-sdk-core (2.2.26)
      jmespath (~> 1.0)
    aws-sdk-resources (2.2.26)
      aws-sdk-core (= 2.2.26)
    capistrano (3.4.0)
      i18n
      rake (>= 10.0.0)
      sshkit (~> 1.3)
    capistrano-bundler (1.1.4)
      capistrano (~> 3.1)
      sshkit (~> 1.2)
    capistrano-rvm (0.1.2)
      capistrano (~> 3.0)
      sshkit (~> 1.2)
    clamp (1.0.0)
    daemons (1.2.3)
    diff-lcs (1.2.5)
    docopt (0.5.0)
    domain_name (0.5.20160310)
      unf (>= 0.0.5, < 1.0.0)
    dotenv (2.1.0)
    eventmachine (1.0.9.1)
    highline (1.7.8)
    http-cookie (1.0.2)
      domain_name (~> 0.5)
    i18n (0.7.0)
    jmespath (1.1.3)
    json (1.8.3)
    mime-types (2.99.1)
    minitest (5.8.4)
    net-scp (1.2.1)
      net-ssh (>= 2.6.5)
    net-ssh (3.0.2)
    netrc (0.11.0)
    rake (10.5.0)
    rest-client (1.8.0)
      http-cookie (>= 1.0.2, < 2.0)
      mime-types (>= 1.16, < 3.0)
      netrc (~> 0.7)
    rspec (3.4.0)
      rspec-core (~> 3.4.0)
      rspec-expectations (~> 3.4.0)
      rspec-mocks (~> 3.4.0)
    rspec-core (3.4.3)
      rspec-support (~> 3.4.0)
    rspec-expectations (3.4.0)
      diff-lcs (>= 1.2.0, < 2.0)
      rspec-support (~> 3.4.0)
    rspec-mocks (3.4.1)
      diff-lcs (>= 1.2.0, < 2.0)
      rspec-support (~> 3.4.0)
    rspec-support (3.4.1)
    sshkit (1.8.1)
      net-scp (>= 1.1.2)
      net-ssh (>= 2.8.0)
    thread_safe (0.3.5)
    tilt (2.0.2)
    tzinfo (1.2.2)
      thread_safe (~> 0.1)
    unf (0.1.4)
      unf_ext
    unf_ext (0.0.7.2)

PLATFORMS
  ruby

DEPENDENCIES
  airbrussh (~> 0.8.0)
  aws-sdk
  capistrano (~> 3.4.0)
  capistrano-bundler (~> 1.1.4)
  capistrano-rvm (~> 0.1.2)
  daemons (~> 1.2.3)
  dotenv (~> 2.1.0)
  rake
  rspec
  slnky!

BUNDLED WITH
   1.11.2
